GEM
  remote: https://rubygems.org/
  specs:
    benchmark (0.4.1)
    erb (5.0.1)
    logger (1.7.0)
    mini_magick (5.2.0)
      benchmark
      logger
    scss (1.0.2)

PLATFORMS
  arm64-darwin-23
  ruby

DEPENDENCIES
  erb
  mini_magick
  scss

BUNDLED WITH
   2.5.11
